GEM
  remote: https://rubygems.org/
  specs:
    em-rubyserial (0.0.2)
      eventmachine
      rubyserial
    eventmachine (1.2.0.1)
    ffi (1.9.14)
    rubyserial (0.4.0)
      ffi (~> 1.9, >= 1.9.3)

PLATFORMS
  ruby

DEPENDENCIES
  em-rubyserial

BUNDLED WITH
   1.12.5
